GEM
  remote: https://rubygems.org/
  specs:
    declarative (0.0.20)
    declarative-option (0.1.0)
    faraday (1.3.0)
      faraday-net_http (~> 1.0)
      multipart-post (>= 1.2, < 3)
      ruby2_keywords
    faraday-net_http (1.0.1)
    faraday_middleware (1.0.0)
      faraday (~> 1.0)
    json (2.5.1)
    multi_json (1.15.0)
    multi_xml (0.6.0)
    multipart-post (2.1.1)
    pokemon_tcg_sdk (4.2.1)
      faraday_middleware (~> 1.0)
      json (~> 2.3)
      multi_json (~> 1.15)
      multi_xml (~> 0.6)
      roar (~> 1.1)
    representable (3.0.4)
      declarative (< 0.1.0)
      declarative-option (< 0.2.0)
      uber (< 0.2.0)
    roar (1.1.0)
      representable (~> 3.0.0)
    ruby2_keywords (0.0.4)
    uber (0.1.0)

PLATFORMS
  x64-mingw32

DEPENDENCIES
  pokemon_tcg_sdk (~> 4.2)

BUNDLED WITH
   2.1.4
